GEM
  remote: http://rubygems.org/
  specs:
    highline (1.6.19)
    xmpp4r (0.5)

PLATFORMS
  ruby

DEPENDENCIES
  highline
  xmpp4r
